GEM
  remote: http://www.rubygems.org/
  specs:
    backports (3.6.8)
    coffee-script (2.4.1)
      coffee-script-source
      execjs
    coffee-script-source (1.10.0)
    execjs (2.6.0)
    foreman (0.78.0)
      thor (~> 0.19.1)
    hike (1.2.3)
    multi_json (1.11.2)
    puma (3.2.0)
    rack (1.6.4)
    rack-protection (1.5.3)
      rack
    rack-test (0.6.3)
      rack (>= 1.0)
    rake (10.5.0)
    sass (3.4.21)
    sinatra (1.4.7)
      rack (~> 1.5)
      rack-protection (~> 1.4)
      tilt (>= 1.3, < 3)
    sinatra-asset-pipeline (0.7.0)
      coffee-script (~> 2.3)
      rake (~> 10.0)
      sass (~> 3.1)
      sinatra (~> 1.4)
      sprockets (~> 2.12)
      sprockets-helpers (~> 1.1)
      sprockets-sass (~> 1.2)
    sinatra-contrib (1.4.6)
      backports (>= 2.0)
      multi_json
      rack-protection
      rack-test
      sinatra (~> 1.4.0)
      tilt (>= 1.3, < 3)
    sprockets (2.12.4)
      hike (~> 1.2)
      multi_json (~> 1.0)
      rack (~> 1.0)
      tilt (~> 1.1, != 1.3.0)
    sprockets-helpers (1.2.1)
      sprockets (>= 2.2)
    sprockets-sass (1.3.1)
      sprockets (~> 2.0)
      tilt (~> 1.1)
    thor (0.19.1)
    tilt (1.4.1)

PLATFORMS
  ruby

DEPENDENCIES
  foreman
  puma
  rake
  sinatra
  sinatra-asset-pipeline
  sinatra-contrib

BUNDLED WITH
   1.10.6
